GEM
  remote: https://rubygems.org/
  specs:
    activesupport (4.2.9)
      i18n (~> 0.7)
      minitest (~> 5.1)
      thread_safe (~> 0.3, >= 0.3.4)
      tzinfo (~> 1.1)
    addressable (2.5.2)
      public_suffix (>= 2.0.2, < 4.0)
    capybara (2.7.1)
      addressable
      mime-types (>= 1.16)
      nokogiri (>= 1.3.3)
      rack (>= 1.0.0)
      rack-test (>= 0.5.4)
      xpath (~> 2.0)
    cliver (0.3.2)
    coderay (1.1.1)
    coffee-script (2.4.1)
      coffee-script-source
      execjs
    coffee-script-source (1.11.1)
    colorator (1.1.0)
    colored (1.2)
    colorize (0.7.7)
    commonmarker (0.17.13)
      ruby-enum (~> 0.5)
    concurrent-ruby (1.0.5)
    diff-lcs (1.2.5)
    ethon (0.11.0)
      ffi (>= 1.3.0)
    execjs (2.7.0)
    faraday (0.15.3)
      multipart-post (>= 1.2, < 3)
    ferret (0.11.8.6)
    ffi (1.9.25)
    forwardable-extended (2.6.0)
    gemoji (3.0.0)
    git-version-bump (0.15.1)
    github-pages (177)
      activesupport (= 4.2.9)
      github-pages-health-check (= 1.3.5)
      jekyll (= 3.6.2)
      jekyll-avatar (= 0.5.0)
      jekyll-coffeescript (= 1.0.2)
      jekyll-commonmark-ghpages (= 0.1.5)
      jekyll-default-layout (= 0.1.4)
      jekyll-feed (= 0.9.2)
      jekyll-gist (= 1.4.1)
      jekyll-github-metadata (= 2.9.3)
      jekyll-mentions (= 1.2.0)
      jekyll-optional-front-matter (= 0.3.0)
      jekyll-paginate (= 1.1.0)
      jekyll-readme-index (= 0.2.0)
      jekyll-redirect-from (= 0.12.1)
      jekyll-relative-links (= 0.5.2)
      jekyll-remote-theme (= 0.2.3)
      jekyll-sass-converter (= 1.5.0)
      jekyll-seo-tag (= 2.3.0)
      jekyll-sitemap (= 1.1.1)
      jekyll-swiss (= 0.4.0)
      jekyll-theme-architect (= 0.1.0)
      jekyll-theme-cayman (= 0.1.0)
      jekyll-theme-dinky (= 0.1.0)
      jekyll-theme-hacker (= 0.1.0)
      jekyll-theme-leap-day (= 0.1.0)
      jekyll-theme-merlot (= 0.1.0)
      jekyll-theme-midnight (= 0.1.0)
      jekyll-theme-minimal (= 0.1.0)
      jekyll-theme-modernist (= 0.1.0)
      jekyll-theme-primer (= 0.5.2)
      jekyll-theme-slate (= 0.1.0)
      jekyll-theme-tactile (= 0.1.0)
      jekyll-theme-time-machine (= 0.1.0)
      jekyll-titles-from-headings (= 0.5.0)
      jemoji (= 0.8.1)
      kramdown (= 1.16.2)
      liquid (= 4.0.0)
      listen (= 3.0.6)
      mercenary (~> 0.3)
      minima (= 2.1.1)
      nokogiri (>= 1.8.1, < 2.0)
      rouge (= 2.2.1)
      terminal-table (~> 1.4)
    github-pages-health-check (1.3.5)
      addressable (~> 2.3)
      net-dns (~> 0.8)
      octokit (~> 4.0)
      public_suffix (~> 2.0)
      typhoeus (~> 0.7)
    html-pipeline (2.8.4)
      activesupport (>= 2)
      nokogiri (>= 1.4)
    html-proofer (2.6.4)
      activesupport (~> 4.2)
      addressable (~> 2.3)
      colored (~> 1.2)
      mercenary (~> 0.3.2)
      nokogiri (~> 1.5)
      parallel (~> 1.3)
      typhoeus (~> 0.7)
      yell (~> 2.0)
    httparty (0.13.7)
      json (~> 1.8)
      multi_xml (>= 0.5.2)
    i18n (0.9.5)
      concurrent-ruby (~> 1.0)
    jekyll (3.6.2)
      addressable (~> 2.4)
      colorator (~> 1.0)
      jekyll-sass-converter (~> 1.0)
      jekyll-watch (~> 1.1)
      kramdown (~> 1.14)
      liquid (~> 4.0)
      mercenary (~> 0.3.3)
      pathutil (~> 0.9)
      rouge (>= 1.7, < 3)
      safe_yaml (~> 1.0)
    jekyll-avatar (0.5.0)
      jekyll (~> 3.0)
    jekyll-coffeescript (1.0.2)
      coffee-script (~> 2.2)
      coffee-script-source (~> 1.11.1)
    jekyll-commonmark (1.2.0)
      commonmarker (~> 0.14)
      jekyll (>= 3.0, < 4.0)
    jekyll-commonmark-ghpages (0.1.5)
      commonmarker (~> 0.17.6)
      jekyll-commonmark (~> 1)
      rouge (~> 2)
    jekyll-default-layout (0.1.4)
      jekyll (~> 3.0)
    jekyll-feed (0.9.2)
      jekyll (~> 3.3)
    jekyll-gist (1.4.1)
      octokit (~> 4.2)
    jekyll-github-metadata (2.9.3)
      jekyll (~> 3.1)
      octokit (~> 4.0, != 4.4.0)
    jekyll-mentions (1.2.0)
      activesupport (~> 4.0)
      html-pipeline (~> 2.3)
      jekyll (~> 3.0)
    jekyll-optional-front-matter (0.3.0)
      jekyll (~> 3.0)
    jekyll-paginate (1.1.0)
    jekyll-readme-index (0.2.0)
      jekyll (~> 3.0)
    jekyll-redirect-from (0.12.1)
      jekyll (~> 3.3)
    jekyll-relative-links (0.5.2)
      jekyll (~> 3.3)
    jekyll-remote-theme (0.2.3)
      jekyll (~> 3.5)
      rubyzip (>= 1.2.1, < 3.0)
      typhoeus (>= 0.7, < 2.0)
    jekyll-sass-converter (1.5.0)
      sass (~> 3.4)
    jekyll-seo-tag (2.3.0)
      jekyll (~> 3.3)
    jekyll-sitemap (1.1.1)
      jekyll (~> 3.3)
    jekyll-swiss (0.4.0)
    jekyll-theme-architect (0.1.0)
      jekyll (~> 3.5)
      jekyll-seo-tag (~> 2.0)
    jekyll-theme-cayman (0.1.0)
      jekyll (~> 3.5)
      jekyll-seo-tag (~> 2.0)
    jekyll-theme-dinky (0.1.0)
      jekyll (~> 3.5)
      jekyll-seo-tag (~> 2.0)
    jekyll-theme-hacker (0.1.0)
      jekyll (~> 3.5)
      jekyll-seo-tag (~> 2.0)
    jekyll-theme-leap-day (0.1.0)
      jekyll (~> 3.5)
      jekyll-seo-tag (~> 2.0)
    jekyll-theme-merlot (0.1.0)
      jekyll (~> 3.5)
      jekyll-seo-tag (~> 2.0)
    jekyll-theme-midnight (0.1.0)
      jekyll (~> 3.5)
      jekyll-seo-tag (~> 2.0)
    jekyll-theme-minimal (0.1.0)
      jekyll (~> 3.5)
      jekyll-seo-tag (~> 2.0)
    jekyll-theme-modernist (0.1.0)
      jekyll (~> 3.5)
      jekyll-seo-tag (~> 2.0)
    jekyll-theme-primer (0.5.2)
      jekyll (~> 3.5)
      jekyll-github-metadata (~> 2.9)
      jekyll-seo-tag (~> 2.2)
    jekyll-theme-slate (0.1.0)
      jekyll (~> 3.5)
      jekyll-seo-tag (~> 2.0)
    jekyll-theme-tactile (0.1.0)
      jekyll (~> 3.5)
      jekyll-seo-tag (~> 2.0)
    jekyll-theme-time-machine (0.1.0)
      jekyll (~> 3.5)
      jekyll-seo-tag (~> 2.0)
    jekyll-titles-from-headings (0.5.0)
      jekyll (~> 3.3)
    jekyll-watch (1.5.1)
      listen (~> 3.0)
    jemoji (0.8.1)
      activesupport (~> 4.0, >= 4.2.9)
      gemoji (~> 3.0)
      html-pipeline (~> 2.2)
      jekyll (>= 3.0)
    json (1.8.6)
    kramdown (1.16.2)
    liquid (4.0.0)
    listen (3.0.6)
      rb-fsevent (>= 0.9.3)
      rb-inotify (>= 0.9.7)
    mercenary (0.3.6)
    method_source (0.8.2)
    mime-types (3.0)
      mime-types-data (~> 3.2015)
    mime-types-data (3.2016.0221)
    mini_portile2 (2.3.0)
    minima (2.1.1)
      jekyll (~> 3.3)
    minitest (5.11.3)
    multi_json (1.12.1)
    multi_xml (0.5.5)
    multipart-post (2.0.0)
    net-dns (0.9.0)
    nokogiri (1.8.2)
      mini_portile2 (~> 2.3.0)
    octokit (4.13.0)
      sawyer (~> 0.8.0, >= 0.5.3)
    parallel (1.8.0)
    pathutil (0.16.2)
      forwardable-extended (~> 2.6)
    poltergeist (1.9.0)
      capybara (~> 2.1)
      cliver (~> 0.3.1)
      multi_json (~> 1.0)
      websocket-driver (>= 0.2.0)
    pry (0.10.3)
      coderay (~> 1.1.0)
      method_source (~> 0.8.1)
      slop (~> 3.4)
    public_suffix (2.0.5)
    rack (1.6.4)
    rack-contrib (1.4.0)
      git-version-bump (~> 0.15)
      rack (~> 1.4)
    rack-test (0.6.3)
      rack (>= 1.0)
    rake (11.1.2)
    rb-fsevent (0.10.3)
    rb-inotify (0.9.10)
      ffi (>= 0.5.0, < 2)
    reverse_markdown (1.0.3)
      nokogiri
    rouge (2.2.1)
    rspec (3.4.0)
      rspec-core (~> 3.4.0)
      rspec-expectations (~> 3.4.0)
      rspec-mocks (~> 3.4.0)
    rspec-core (3.4.4)
      rspec-support (~> 3.4.0)
    rspec-expectations (3.4.0)
      diff-lcs (>= 1.2.0, < 2.0)
      rspec-support (~> 3.4.0)
    rspec-mocks (3.4.1)
      diff-lcs (>= 1.2.0, < 2.0)
      rspec-support (~> 3.4.0)
    rspec-support (3.4.1)
    ruby-enum (0.7.2)
      i18n
    rubyzip (1.2.2)
    safe_yaml (1.0.4)
    sass (3.6.0)
      sass-listen (~> 4.0.0)
    sass-listen (4.0.0)
      rb-fsevent (~> 0.9, >= 0.9.4)
      rb-inotify (~> 0.9, >= 0.9.7)
    sawyer (0.8.1)
      addressable (>= 2.3.5, < 2.6)
      faraday (~> 0.8, < 1.0)
    simple-rss (1.3.1)
    slop (3.6.0)
    terminal-table (1.8.0)
      unicode-display_width (~> 1.1, >= 1.1.1)
    thread_safe (0.3.6)
    typhoeus (0.8.0)
      ethon (>= 0.8.0)
    tzinfo (1.2.5)
      thread_safe (~> 0.1)
    unicode-display_width (1.4.0)
    websocket-driver (0.6.4)
      websocket-extensions (>= 0.1.0)
    websocket-extensions (0.1.2)
    xpath (2.0.0)
      nokogiri (~> 1.3)
    yell (2.0.6)

PLATFORMS
  ruby

DEPENDENCIES
  capybara
  colorize
  ferret
  github-pages
  html-proofer (= 2.6.4)
  httparty
  jekyll-feed
  mime-types
  nokogiri (= 1.8.2)
  poltergeist
  pry
  rack
  rack-contrib
  rake
  reverse_markdown
  rspec
  simple-rss

BUNDLED WITH
   1.16.2
